GEM
  remote: https://rubygems.org/
  specs:
    google-protobuf (3.25.3-x86_64-linux)

PLATFORMS
  x86_64-linux

DEPENDENCIES
  google-protobuf

RUBY VERSION
   ruby 3.1.4p223

BUNDLED WITH
   2.5.6
