GEM
  remote: https://rubygems.org/
  specs:
    google-protobuf (3.25.2)
    google-protobuf (3.25.2-aarch64-linux)
    google-protobuf (3.25.2-arm64-darwin)
    google-protobuf (3.25.2-x86-linux)
    google-protobuf (3.25.2-x86_64-darwin)
    google-protobuf (3.25.2-x86_64-linux)

PLATFORMS
  aarch64-linux
  arm64-darwin
  ruby
  x64-mingw32
  x86-linux
  x86_64-darwin
  x86_64-linux

DEPENDENCIES
  google-protobuf

RUBY VERSION
   ruby 3.1.4p223

BUNDLED WITH
   2.5.6
