GEM
  remote: https://rubygems.org/
  specs:
    google-protobuf (4.26.1-x86_64-linux)
      rake (>= 13)
    rake (13.1.0)

PLATFORMS
  x86_64-linux

DEPENDENCIES
  google-protobuf

RUBY VERSION
   ruby 3.1.4p223

BUNDLED WITH
   2.5.6
